GEM
  remote: https://rubygems.org/
  specs:
    rack (2.0.3)
    sequel (5.2.0)
    slim (3.0.8)
      temple (>= 0.7.6, < 0.9)
      tilt (>= 1.3.3, < 2.1)
    sqlite3 (1.3.13)
    temple (0.8.0)
    tilt (2.0.8)

PLATFORMS
  ruby

DEPENDENCIES
  rack
  sequel
  slim
  sqlite3

RUBY VERSION
   ruby 2.4.0p0

BUNDLED WITH
   1.15.4
